GEM
  remote: http://rubygems.org/
  specs:
    clockwork (0.4.1)
      tzinfo
    faraday (0.8.5)
      multipart-post (~> 1.1)
    multi_json (1.6.0)
    multipart-post (1.1.5)
    simple_oauth (0.2.0)
    twitter (4.5.0)
      faraday (~> 0.8, < 0.10)
      multi_json (~> 1.0)
      simple_oauth (~> 0.2)
    tzinfo (0.3.35)

PLATFORMS
  x86-mingw32

DEPENDENCIES
  clockwork
  twitter
